GEM
  remote: http://rubygems.org/
  specs:
    RedCloth (4.2.8)
    builder (3.0.0)
    diff-lcs (1.1.3)
    fakeweb (1.3.0)
    haml (3.1.3)
    mini_portile2 (2.4.0)
    nokogiri (1.10.10)
      mini_portile2 (~> 2.4.0)
    rack (1.3.3)
    rack-test (0.6.1)
      rack (>= 1.0)
    rspec (2.6.0)
      rspec-core (~> 2.6.0)
      rspec-expectations (~> 2.6.0)
      rspec-mocks (~> 2.6.0)
    rspec-core (2.6.4)
    rspec-expectations (2.6.0)
      diff-lcs (~> 1.1.2)
    rspec-mocks (2.6.0)
    sinatra (1.2.6)
      rack (~> 1.1)
      tilt (>= 1.2.2, < 2.0)
    sinatra-cache (0.3.7)
      sinatra (>= 1.1.0)
      sinatra-outputbuffer (>= 0.1.0)
    sinatra-outputbuffer (0.1.0)
      sinatra (>= 1.0.a)
    tilt (1.3.3)

PLATFORMS
  ruby

DEPENDENCIES
  RedCloth (>= 4.2.8)
  builder (= 3.0.0)
  bundler
  fakeweb
  haml
  nokogiri (= 1.10.10)
  rack-test
  rspec
  sinatra (= 1.2.6)
  sinatra-cache (= 0.3.7)
